{
	"Manufacturer": "GE",
	"ManufacturersModelName": "DISCOVERY_MR750",
	"AcquisitionNumber": 1,
	"InstitutionName": "INSTITUTO_DE_NEUROBIOLOGIA",
	"DeviceSerialNumber": "000000000000GEHC",
	"SoftwareVersions": "23_LX_MR_Software_release:DV22.0_V01_1040.a",
	"ProcedureStepDescription": "Fibromialgia",
	"ScanningSequence": "EP_SE",
	"SequenceVariant": "NONE",
	"SeriesDescription": "DTI2mm",
	"ProtocolName": "DTI2mm",
	"ImageType": ["ORIGINAL", "PRIMARY", "OTHER"],
	"AcquisitionTime": "17:51:12.000000",
	"MagneticFieldStrength": 3,
	"FlipAngle": 90,
	"EchoTime": 0.082,
	"RepetitionTime": 7,
	"PhaseEncodingLines": 128,
	"ConversionSoftware": "dcm2niix",
	"ConversionSoftwareVersion": "v1.0.20170724 (OpenJPEG build) GCC6.1.0"
}
