{
	"Manufacturer": "GE",
	"ManufacturersModelName": "DISCOVERY_MR750",
	"AcquisitionNumber": 1,
	"InstitutionName": "INSTITUTO_DE_NEUROBIOLOGIA",
	"DeviceSerialNumber": "000000000000GEHC",
	"SoftwareVersions": "24_LX_MR_Software_release:DV24.0_R01_1344.a",
	"ProcedureStepDescription": "Fibromialgia",
	"ScanningSequence": "EP_GR",
	"SequenceVariant": "SS",
	"SeriesDescription": "fMRI_pre1",
	"ProtocolName": "fMRI_pre1",
	"ImageType": ["ORIGINAL", "PRIMARY", "EPI", "NONE"],
	"AcquisitionTime": "14:14:0.000000",
	"MagneticFieldStrength": 3,
	"FlipAngle": 90,
	"EchoTime": 0.04,
	"RepetitionTime": 3,
	"PhaseEncodingLines": 128,
	"ConversionSoftware": "dcm2niix",
	"ConversionSoftwareVersion": "v1.0.20170724 (OpenJPEG build) GCC6.1.0", 	"SliceTiming": [
        	0.000, 
		1.535,
		0.070,
		1.605,
		0.140,
		1.674,
		0.209,
		1.744,
		0.279,
		1.814,
		0.349,
		1.884,
		0.419,
		1.953,
		0.488,
		2.023,
		0.558,
		2.093,
		0.628,
		2.163,
		0.698,
		2.233,
		0.767,
		2.302,
		0.837,
		2.372,
		0.907,
		2.442,
		0.977,
		2.512,
		1.047,
		2.581,
		1.116,
		2.651,
		1.186,
		2.721,
		1.256,
		2.791,
		1.326,
		2.860,
		1.395,
		2.930,
		1.465

    ],

	"TaskName": "pre-control"
}
